GEM
  remote: https://rubygems.org/
  specs:
    gitlab-license (0.0.4)

PLATFORMS
  x64-mingw32

DEPENDENCIES
  gitlab-license

BUNDLED WITH
   1.11.2
